GEM
  remote: http://rubygems.org/
  specs:
    crack (0.1.8)
    httparty (0.7.8)
      crack (= 0.1.8)
    rake (0.9.2)
    rcov (0.9.9)

PLATFORMS
  ruby

DEPENDENCIES
  httparty
  rake
  rcov
