GEM
  remote: http://rubygems.org/
  specs:
    crack (0.1.8)
    eventmachine (1.0.0.beta.4)
    httparty (0.7.8)
      crack (= 0.1.8)
    rake (0.9.2)
    rcov (0.9.9)

PLATFORMS
  ruby

DEPENDENCIES
  eventmachine (= 1.0.0.beta.4)
  httparty
  rake
  rcov
