GEM
  remote: http://rubygems.org/
  specs:
    columnize (0.3.6)
    crack (0.1.8)
    eventmachine (1.0.0)
    httparty (0.7.8)
      crack (= 0.1.8)
    linecache (0.46)
      rbx-require-relative (> 0.0.4)
    rake (0.9.2)
    rbx-require-relative (0.0.9)
    rcov (0.9.9)
    ruby-debug (0.10.4)
      columnize (>= 0.1)
      ruby-debug-base (~> 0.10.4.0)
    ruby-debug-base (0.10.4)
      linecache (>= 0.3)

PLATFORMS
  ruby

DEPENDENCIES
  eventmachine (= 1.0.0)
  httparty
  rake
  rcov
  ruby-debug
